GEM
  remote: https://rubygems.org/
  specs:
    byebug (6.0.2)
    crass (1.0.2)
    mini_portile (0.6.2)
    nokogiri (1.6.6.2)
      mini_portile (~> 0.6.0)
    nokogumbo (1.4.1)
      nokogiri
    sanitize (4.0.0)
      crass (~> 1.0.2)
      nokogiri (>= 1.4.4)
      nokogumbo (= 1.4.1)
    sqlite3 (1.3.11)

PLATFORMS
  ruby

DEPENDENCIES
  byebug
  nokogiri
  sanitize
  sqlite3

BUNDLED WITH
   1.10.6
